GEM
  remote: https://www.rubygems.org/
  specs:
    rmagick (2.16.0)

PLATFORMS
  ruby

DEPENDENCIES
  rmagick

BUNDLED WITH
   1.16.1
